GEM
  remote: https://rubygems.org/
  specs:
    htmlentities (4.3.1)

PLATFORMS
  java

DEPENDENCIES
  htmlentities
