GEM
  remote: https://rubygems.org/
  specs:
    capistrano (2.12.0)
      highline
      net-scp (>= 1.0.0)
      net-sftp (>= 2.0.0)
      net-ssh (>= 2.0.14)
      net-ssh-gateway (>= 1.1.0)
    highline (1.6.13)
    htmlentities (4.3.1)
    jruby-jars (1.6.7.2)
    jruby-rack (1.1.7)
    json (2.3.0)
    json (2.3.0-java)
    net-scp (1.0.4)
      net-ssh (>= 1.99.1)
    net-sftp (2.0.5)
      net-ssh (>= 2.0.9)
    net-ssh (2.5.2)
    net-ssh-gateway (1.1.0)
      net-ssh (>= 1.99.1)
    rake (0.9.2.2)
    rubyzip (0.9.9)
    warbler (1.3.5)
      jruby-jars (>= 1.4.0)
      jruby-rack (>= 1.0.0)
      rake (>= 0.8.7)
      rubyzip (>= 0.9.4)

PLATFORMS
  java
  ruby

DEPENDENCIES
  capistrano
  htmlentities
  json
  warbler
